GIT
  remote: git://github.com/rodjek/rspec-puppet.git
  revision: 373ef2145a42a71960323217660d67ba1cff8b72
  specs:
    rspec-puppet (0.1.6)
      rspec

GEM
  remote: https://rubygems.org/
  specs:
    coderay (1.0.9)
    diff-lcs (1.2.4)
    facter (1.7.1)
    ffi (1.8.1)
    formatador (0.2.4)
    guard (1.8.0)
      formatador (>= 0.2.4)
      listen (>= 1.0.0)
      lumberjack (>= 1.0.2)
      pry (>= 0.9.10)
      thor (>= 0.14.6)
    guard-rspec (3.0.1)
      guard (>= 1.8)
      rspec (~> 2.13)
    hiera (1.2.1)
      json_pure
    json_pure (1.8.0)
    listen (1.1.6)
      rb-fsevent (>= 0.9.3)
      rb-inotify (>= 0.9)
      rb-kqueue (>= 0.2)
    lumberjack (1.0.3)
    method_source (0.8.1)
    pry (0.9.12.2)
      coderay (~> 1.0.5)
      method_source (~> 0.8)
      slop (~> 3.4)
    puppet (3.2.1)
      facter (~> 1.6)
      hiera (~> 1.0)
      rgen (~> 0.6)
    rb-fsevent (0.9.3)
    rb-inotify (0.9.0)
      ffi (>= 0.5.0)
    rb-kqueue (0.2.0)
      ffi (>= 0.5.0)
    rgen (0.6.2)
    rspec (2.13.0)
      rspec-core (~> 2.13.0)
      rspec-expectations (~> 2.13.0)
      rspec-mocks (~> 2.13.0)
    rspec-core (2.13.1)
    rspec-expectations (2.13.0)
      diff-lcs (>= 1.1.3, < 2.0)
    rspec-mocks (2.13.1)
    slop (3.4.5)
    terminal-notifier-guard (1.5.3)
    thor (0.18.1)

PLATFORMS
  ruby

DEPENDENCIES
  guard-rspec
  puppet (~> 3.2.1)
  rspec-puppet!
  terminal-notifier-guard
